GEM
  remote: http://rubygems.org/
  specs:
    activesupport (3.1.8)
      multi_json (>= 1.0, < 1.3)
    bson (1.7.0)
    builder (3.1.3)
    coffee-script (2.2.0)
      coffee-script-source
      execjs
    coffee-script-source (1.3.3)
    curb (0.7.18)
    diff-lcs (1.1.3)
    execjs (1.4.0)
      multi_json (~> 1.0)
    feedzirra (0.1.3)
      activesupport (~> 3.1.1)
      builder (>= 2.1.2)
      curb (~> 0.7.15)
      i18n (>= 0.5.0)
      loofah (~> 1.2.0)
      nokogiri (>= 1.4.4)
      rake (>= 0.8.7)
      rdoc (~> 3.8)
      sax-machine (~> 0.1.0)
    geocoder (1.1.4)
    i18n (0.6.1)
    jsmin (1.0.1)
    json (1.7.5)
    libv8 (3.3.10.4)
    loofah (1.2.1)
      nokogiri (>= 1.4.4)
    mongo (1.7.0)
      bson (~> 1.7.0)
    multi_json (1.2.0)
    nokogiri (1.5.5)
    rack (1.4.1)
    rack-protection (1.2.0)
      rack
    rack-test (0.6.2)
      rack (>= 1.0)
    rake (0.9.2.2)
    rdoc (3.12)
      json (~> 1.4)
    rspec (2.11.0)
      rspec-core (~> 2.11.0)
      rspec-expectations (~> 2.11.0)
      rspec-mocks (~> 2.11.0)
    rspec-core (2.11.1)
    rspec-expectations (2.11.3)
      diff-lcs (~> 1.1.3)
    rspec-mocks (2.11.3)
    rufus-scheduler (2.0.17)
      tzinfo (>= 0.3.23)
    sax-machine (0.1.0)
      nokogiri (> 0.0.0)
    sinatra (1.3.3)
      rack (~> 1.3, >= 1.3.6)
      rack-protection (~> 1.2)
      tilt (~> 1.3, >= 1.3.3)
    sinatra-assetpack (0.0.11)
      jsmin
      rack-test
      sinatra
      tilt (>= 1.3.0)
    therubyracer (0.9.10)
      libv8 (~> 3.3.10)
    tilt (1.3.3)
    tzinfo (0.3.33)

PLATFORMS
  ruby

DEPENDENCIES
  coffee-script
  feedzirra
  geocoder
  json
  mongo
  nokogiri
  rspec
  rufus-scheduler
  sinatra
  sinatra-assetpack
  therubyracer
